GIT
  remote: git://github.com/csquared/rack-cgi-proxy.git
  revision: 495d37463e966fb7da1df211d86cee07ecb5e11d
  specs:
    rack-cgi-proxy (0.0.1)
      json
      rack
      rest-client

GEM
  remote: http://rubygems.org/
  specs:
    daemons (1.1.5)
    eventmachine (0.12.10)
    json (1.6.4)
    mime-types (1.17.2)
    rack (1.4.0)
    rack-protection (1.2.0)
      rack
    rest-client (1.6.7)
      mime-types (>= 1.16)
    sinatra (1.3.2)
      rack (~> 1.3, >= 1.3.6)
      rack-protection (~> 1.2)
      tilt (~> 1.3, >= 1.3.3)
    thin (1.3.1)
      daemons (>= 1.0.9)
      eventmachine (>= 0.12.6)
      rack (>= 1.0.0)
    tilt (1.3.3)

PLATFORMS
  ruby

DEPENDENCIES
  rack-cgi-proxy!
  sinatra
  thin
